GEM
  remote: https://rubygems.org/
  specs:
    httparty (0.18.1)
      mime-types (~> 3.0)
      multi_xml (>= 0.5.2)
    mime-types (3.3.1)
      mime-types-data (~> 3.2015)
    mime-types-data (3.2021.0225)
    multi_xml (0.6.0)
    nokogiri (1.11.6-x86_64-linux)
      racc (~> 1.4)
    pp (0.2.0)
      prettyprint
    prettyprint (0.1.0)
    racc (1.5.2)

PLATFORMS
  x86_64-linux

DEPENDENCIES
  httparty
  nokogiri
  pp

BUNDLED WITH
   2.2.4
